GEM
  remote: https://rubygems.org/
  specs:
    adsf (1.2.0)
      rack (>= 1.0.0)
    builder (3.2.2)
    celluloid (0.16.0)
      timers (~> 4.0.0)
    coderay (1.1.0)
    colored (1.2)
    commonjs (0.2.7)
    cri (2.7.0)
      colored (~> 1.2)
    daemons (1.2.2)
    diff-lcs (1.2.5)
    eventmachine (1.0.7)
    ffi (1.9.8)
    formatador (0.2.5)
    guard (2.12.5)
      formatador (>= 0.2.4)
      listen (~> 2.7)
      lumberjack (~> 1.0)
      nenv (~> 0.1)
      notiffany (~> 0.0)
      pry (>= 0.9.12)
      shellany (~> 0.0)
      thor (>= 0.18.1)
    guard-nanoc (1.0.2)
      guard (>= 1.8.0)
      nanoc (>= 3.6.3)
    hitimes (1.2.2)
    json (1.8.1)
    less (2.6.0)
      commonjs (~> 0.2.7)
    libv8 (3.16.14.7)
    listen (2.10.0)
      celluloid (~> 0.16.0)
      rb-fsevent (>= 0.9.3)
      rb-inotify (>= 0.9)
    lumberjack (1.0.9)
    method_source (0.8.2)
    mime-types (2.3)
    mini_portile (0.5.3)
    nanoc (4.1.5)
      cri (~> 2.3)
    nenv (0.2.0)
    nokogiri (1.6.1)
      mini_portile (~> 0.5.0)
    notiffany (0.0.6)
      nenv (~> 0.1)
      shellany (~> 0.0)
    pry (0.10.1)
      coderay (~> 1.1.0)
      method_source (~> 0.8.1)
      slop (~> 3.4)
    rack (1.6.0)
    rb-fsevent (0.9.4)
    rb-inotify (0.9.5)
      ffi (>= 0.5.0)
    ref (1.0.5)
    rspec (2.14.1)
      rspec-core (~> 2.14.0)
      rspec-expectations (~> 2.14.0)
      rspec-mocks (~> 2.14.0)
    rspec-core (2.14.8)
    rspec-expectations (2.14.5)
      diff-lcs (>= 1.1.3, < 2.0)
    rspec-mocks (2.14.6)
    shellany (0.0.1)
    slop (3.6.0)
    therubyracer (0.12.1)
      libv8 (~> 3.16.14.0)
      ref
    thin (1.6.2)
      daemons (>= 1.0.9)
      eventmachine (>= 1.0.0)
      rack (>= 1.0.0)
    thor (0.19.1)
    timers (4.0.1)
      hitimes

PLATFORMS
  ruby

DEPENDENCIES
  adsf (= 1.2.0)
  builder (= 3.2.2)
  bundler (~> 1.11.2)
  guard-nanoc (= 1.0.2)
  json (= 1.8.1)
  less (= 2.6.0)
  mime-types (= 2.3)
  nanoc (~> 4.1.5)
  nokogiri (= 1.6.1)
  rspec (= 2.14.1)
  therubyracer (= 0.12.1)
  thin (= 1.6.2)

BUNDLED WITH
   1.11.2
